GEM
  remote: http://rubygems.org/
  specs:
    activesupport (2.3.8)
    diff-lcs (1.1.2)
    i18n (0.4.1)
    mocha (0.9.8)
      rake
    rake (0.8.7)
    rspec (2.0.0.beta.20)
      rspec-core (= 2.0.0.beta.20)
      rspec-expectations (= 2.0.0.beta.20)
      rspec-mocks (= 2.0.0.beta.20)
    rspec-core (2.0.0.beta.20)
    rspec-expectations (2.0.0.beta.20)
      diff-lcs (>= 1.1.2)
    rspec-mocks (2.0.0.beta.20)

PLATFORMS
  ruby

DEPENDENCIES
  activesupport
  i18n
  mocha (= 0.9.8)
  rspec (>= 2.0.0.beta.20)
