PATH
  remote: .
  specs:
    snippr (0.6.0)
      activesupport
      i18n

GEM
  remote: http://rubygems.org/
  specs:
    activesupport (3.0.1)
    builder (2.1.2)
    ci_reporter (1.6.3)
      builder (>= 2.1.2)
    diff-lcs (1.1.2)
    i18n (0.4.1)
    mocha (0.9.8)
      rake
    rake (0.8.7)
    rspec (2.0.1)
      rspec-core (~> 2.0.1)
      rspec-expectations (~> 2.0.1)
      rspec-mocks (~> 2.0.1)
    rspec-core (2.0.1)
    rspec-expectations (2.0.1)
      diff-lcs (>= 1.1.2)
    rspec-mocks (2.0.1)
      rspec-core (~> 2.0.1)
      rspec-expectations (~> 2.0.1)

PLATFORMS
  ruby

DEPENDENCIES
  activesupport
  ci_reporter (~> 1.6.3)
  i18n
  mocha (= 0.9.8)
  rspec (~> 2.0.0)
  snippr!
